GIT
  remote: git@github.com:LawrenceWoodman/mida.git
  revision: fea14fa767c4be436a4fc3d1433e5a13d74e2312
  specs:
    mida (0.3.6)
      blankslate (= 2.1.2.4)
      nokogiri (>= 1.5)

GIT
  remote: git@github.com:timwhite47/newster-core.git
  revision: 373571e65379737acea1558a323eabb6ee715c1f
  branch: new_scraping_flow
  specs:
    newster-core (0.0.0)
      activesupport (~> 3.2.14)
      addressable
      ai4r
      bson_ext
      chronic
      curb
      decisiontree
      engtagger
      fastimage
      feedzirra
      freebase-api
      fuzzy-string-match
      hashie
      highline
      koala
      kronic
      levenshtein-ffi
      linguistics
      mongo_mapper
      nickel
      open-nlp
      opengraph
      punkt-segmenter
      rake
      rb-libsvm
      rbtagger
      redis
      redis-namespace
      ruby-fann
      ruby-readability
      ruby-stemmer
      rwordnet
      sanitize
      scalpel
      simple_stats
      srx-english
      stanford-core-nlp
      stopwords
      tactful_tokenizer
      tf-idf-similarity
      treat
      twitter
      twitter-text
      uea-stemmer
      whatlanguage
      wikipedia-client (~> 1.3.0)
      zip

GEM
  remote: https://rubygems.org/
  specs:
    RubyInline (3.12.2)
      ZenTest (~> 4.3)
    ZenTest (4.9.4)
    activemodel (3.2.15)
      activesupport (= 3.2.15)
      builder (~> 3.0.0)
    activesupport (3.2.15)
      i18n (~> 0.6, >= 0.6.4)
      multi_json (~> 1.0)
    addressable (2.3.5)
    ai4r (1.12)
    ankusa (0.1.0)
      fast-stemmer (>= 1.0.0)
    bind-it (0.2.7)
      rjb (~> 1.4.3)
    birch (0.0.8)
    blankslate (2.1.2.4)
    bson (1.9.2)
    bson_ext (1.9.2)
      bson (~> 1.9.2)
    builder (3.0.4)
    chronic (0.10.2)
    curb (0.8.5)
    decisiontree (0.4.0)
    engtagger (0.1.2)
    faraday (0.8.8)
      multipart-post (~> 1.2.0)
    fast-stemmer (1.0.2)
    fastimage (1.5.2)
    feedzirra (0.0.24)
      activesupport (>= 2.3.8)
      builder (>= 2.1.2)
      curb (>= 0.2.3)
      loofah (>= 0.3.1)
      nokogiri (> 0.0.0)
      sax-machine (>= 0.0.12)
    ffi (1.1.5)
    freebase-api (0.1.2)
      httparty (~> 0.10)
    fuzzy-string-match (0.9.5)
      RubyInline (>= 3.8.6)
      RubyInline (>= 3.8.6)
    guess_html_encoding (0.0.9)
    hashie (2.0.5)
    highline (1.6.20)
    httparty (0.12.0)
      json (~> 1.8)
      multi_xml (>= 0.5.2)
    i18n (0.6.5)
    json (1.8.1)
    koala (1.6.0)
      addressable (~> 2.2)
      faraday (~> 0.8)
      multi_json (~> 1.3)
    kronic (1.1.3)
    levenshtein-ffi (1.0.3)
      ffi
      ffi (~> 1.1.5)
    linguistics (2.0.2)
      loggability (~> 0.5)
    loggability (0.8.1)
    loofah (1.2.1)
      nokogiri (>= 1.4.4)
    mime-types (1.25)
    mongo (1.9.2)
      bson (~> 1.9.2)
    mongo_mapper (0.13.0.beta2)
      activemodel (>= 3.0.0)
      activesupport (>= 3.0)
      mongo (~> 1.8)
      plucky (~> 0.6.5)
    multi_json (1.8.2)
    multi_xml (0.5.5)
    multipart-post (1.2.0)
    nickel (0.0.6)
    nokogiri (1.5.10)
    open-nlp (0.1.4)
      bind-it (~> 0.2.5)
    opengraph (0.0.4)
      hashie
      nokogiri (~> 1.5.0)
      rest-client (~> 1.6.0)
    plucky (0.6.6)
      mongo (~> 1.5)
    progressbar (0.21.0)
    punkt-segmenter (0.9.1)
      unicode_utils (>= 1.0.0)
    rake (10.1.0)
    rb-libsvm (1.1.3)
    rbtagger (0.4.7)
    redis (3.0.5)
    redis-namespace (1.3.1)
      redis (~> 3.0.0)
    rest-client (1.6.7)
      mime-types (>= 1.16)
    rjb (1.4.8)
    ruby-fann (1.2.5)
    ruby-progressbar (1.2.0)
    ruby-readability (0.5.7)
      guess_html_encoding (>= 0.0.4)
      nokogiri (>= 1.4.2)
    ruby-stemmer (0.9.3)
    rubyzip (1.0.0)
    rwordnet (0.1.3)
    sanitize (2.0.6)
      nokogiri (>= 1.4.4)
    sax-machine (0.1.0)
      nokogiri (> 0.0.0)
    scalpel (0.2.1)
    schiphol (0.9.4)
      progressbar (>= 0.10.0)
      rubyzip (>= 0.9.6.1)
    simple_oauth (0.2.0)
    simple_stats (1.0.0)
    srx-english (0.1.2)
      term-ansicolor (~> 1.0.5)
    stanford-core-nlp (0.5.1)
      bind-it (~> 0.2.5)
    stopwords (0.2)
    tactful_tokenizer (0.0.2)
    term-ansicolor (1.0.7)
    tf-idf-similarity (0.1.0)
    treat (2.0.7)
      birch
      schiphol
      yomu
    twitter (4.8.1)
      faraday (~> 0.8, < 0.10)
      multi_json (~> 1.0)
      simple_oauth (~> 0.2)
    twitter-text (1.6.3)
      unf (~> 0.1.0)
    uea-stemmer (0.10.1)
    unf (0.1.2)
      unf_ext
    unf_ext (0.0.6)
    unicode_utils (1.4.0)
    whatlanguage (1.0.5)
    wikipedia-client (1.3.0)
    yomu (0.1.9)
      mime-types (~> 1.23)
    zip (2.0.2)

PLATFORMS
  ruby

DEPENDENCIES
  ankusa
  mida!
  mongo_mapper (~> 0.13.0.beta2)
  newster-core!
  ruby-progressbar
  simple_stats
